PATH
  remote: .
  specs:
    racket-registry (0.1.0)

GEM
  remote: https://rubygems.org/
  specs:
    bacon (1.2.0)
    codecov (0.0.12)
      json
      simplecov
      url
    docile (1.1.5)
    json (1.8.3)
    rake (10.5.0)
    simplecov (0.11.2)
      docile (~> 1.1.0)
      json (~> 1.8)
      simplecov-html (~> 0.10.0)
    simplecov-html (0.10.0)
    url (0.3.2)
    yard (0.8.7.6)

PLATFORMS
  ruby

DEPENDENCIES
  bacon (~> 1.2)
  codecov (~> 0.0.8)
  racket-registry!
  rake (~> 10)
  simplecov (~> 0.10)
  yard (~> 0)

BUNDLED WITH
   1.12.5
